{
  "AcquisitionMatrixPE": 256,
  "AcquisitionNumber": 1,
  "AcquisitionTime": "10:52:58.315000",
  "BodyPartExamined": "HEAD",
  "CoilString": "HeadNeck_64_CS",
  "ConversionSoftware": "dcm2niix",
  "ConversionSoftwareVersion": "v1.0.20210317",
  "EchoTime": 0.00388,
  "FlipAngle": 7,
  "ImageOrientationPatientDICOM": [
    0.0360953,
    0.99136,
    0.126102,
    -0.00902252,
    0.126502,
    -0.991925
  ],
  "ImageType": [
    "ORIGINAL",
    "PRIMARY",
    "M",
    "NONE"
  ],
  "ImagingFrequency": 123.263,
  "InPlanePhaseEncodingDirectionDICOM": "ROW",
  "InversionTime": 1.2,
  "MRAcquisitionType": "3D",
  "MagneticFieldStrength": 3,
  "Manufacturer": "Siemens",
  "ManufacturersModelName": "MAGNETOM Vida",
  "Modality": "MR",
  "ParallelReductionFactorInPlane": 2,
  "PatientPosition": "HFS",
  "PercentPhaseFOV": 100,
  "PercentSampling": 100,
  "PixelBandwidth": 190,
  "ProtocolName": "anat-T1w_acq-mprage",
  "ReceiveCoilActiveElements": "HC1-7;NC1,2",
  "ReconMatrixPE": 256,
  "RepetitionTime": 2.53,
  "SequenceVariant": "SK\\SP\\MP",
  "SeriesDescription": "anat-T1w_acq-mprage",
  "SliceThickness": 1,
  "SoftwareVersions": "syngo MR XA31"
}
